PATH
  remote: .
  specs:
    pinpoint (0.0.3)

GEM
  remote: https://rubygems.org/
  specs:
    activemodel (3.1.10)
      activesupport (= 3.1.10)
      builder (~> 3.0.0)
      i18n (~> 0.6)
    activesupport (3.1.10)
      multi_json (>= 1.0, < 1.3)
    builder (3.0.4)
    diff-lcs (1.1.3)
    fuubar (1.1.0)
      rspec (~> 2.0)
      rspec-instafail (~> 0.2.0)
      ruby-progressbar (~> 1.0.0)
    i18n (0.6.1)
    multi_json (1.2.0)
    rspec (2.12.0)
      rspec-core (~> 2.12.0)
      rspec-expectations (~> 2.12.0)
      rspec-mocks (~> 2.12.0)
    rspec-core (2.12.2)
    rspec-expectations (2.12.1)
      diff-lcs (~> 1.1.3)
    rspec-instafail (0.2.4)
    rspec-mocks (2.12.2)
    rspectacular (0.7.0)
      fuubar (~> 1.0)
      rspec (~> 2.12)
    ruby-progressbar (1.0.2)
    valid_attribute (1.3.1)

PLATFORMS
  ruby

DEPENDENCIES
  activemodel (~> 3.1.8)
  pinpoint!
  rspec (~> 2.11)
  rspectacular (~> 0.7)
  valid_attribute (~> 1.3.1)
