PATH
  remote: .
  specs:
    pinpoint (0.4.0)

GEM
  remote: https://rubygems.org/
  specs:
    activemodel (3.2.12)
      activesupport (= 3.2.12)
      builder (~> 3.0.0)
    activesupport (3.2.12)
      i18n (~> 0.6)
      multi_json (~> 1.0)
    awesome_print (1.1.0)
    builder (3.0.4)
    diff-lcs (1.1.3)
    fuubar (1.1.0)
      rspec (~> 2.0)
      rspec-instafail (~> 0.2.0)
      ruby-progressbar (~> 1.0.0)
    i18n (0.6.1)
    multi_json (1.6.1)
    rspec (2.12.0)
      rspec-core (~> 2.12.0)
      rspec-expectations (~> 2.12.0)
      rspec-mocks (~> 2.12.0)
    rspec-core (2.12.2)
    rspec-expectations (2.12.1)
      diff-lcs (~> 1.1.3)
    rspec-instafail (0.2.4)
    rspec-mocks (2.12.2)
    rspectacular (0.7.0)
      fuubar (~> 1.0)
      rspec (~> 2.12)
    ruby-progressbar (1.0.2)
    valid_attribute (1.3.1)

PLATFORMS
  ruby

DEPENDENCIES
  activemodel (~> 3.2)
  awesome_print
  pinpoint!
  rspec (~> 2.12)
  rspectacular (~> 0.7)
  valid_attribute (~> 1.3.1)
